GEM
  remote: https://rubygems.org/
  specs:
    github_merge_sign (1.0.0)

PLATFORMS
  ruby

DEPENDENCIES
  github_merge_sign (= 1.0.0)

BUNDLED WITH
   2.0.2
